GEM
  remote: http://rubygems.org/
  specs:
    addressable (2.3.2)
    ansi (1.4.2)
    broach (0.2.1)
      json (~> 1.4)
      nap (~> 0.3)
    coderay (1.0.8)
    faraday (0.8.4)
      multipart-post (~> 1.1)
    faraday_middleware (0.9.0)
      faraday (>= 0.7.4, < 0.9)
    foreman (0.60.2)
      thor (>= 0.13.6)
    guard (1.5.0)
      listen (>= 0.4.2)
      lumberjack (>= 1.0.2)
      pry (>= 0.9.10)
      thor (>= 0.14.6)
    guard-minitest (0.5.0)
      guard (>= 0.4)
    hashie (1.2.0)
    i18n (0.6.1)
    json (1.7.5)
    listen (0.5.3)
    lumberjack (1.0.2)
    mail (2.4.4)
      i18n (>= 0.4.0)
      mime-types (~> 1.16)
      treetop (~> 1.4.8)
    metaclass (0.0.1)
    method_source (0.8.1)
    mime-types (1.19)
    minitest (4.1.0)
    minitest-rg (1.0.0)
    mocha (0.13.0)
      metaclass (~> 0.0.1)
    multi_json (1.5.0)
    multipart-post (1.1.5)
    nap (0.5.1)
    oauth2 (0.5.2)
      faraday (~> 0.7)
      multi_json (~> 1.0)
    octokit (1.19.0)
      addressable (~> 2.2)
      faraday (~> 0.8)
      faraday_middleware (~> 0.9)
      hashie (~> 1.2)
      multi_json (~> 1.3)
    polyglot (0.3.3)
    pry (0.9.10)
      coderay (~> 1.0.5)
      method_source (~> 0.8)
      slop (~> 3.3.1)
    rack (1.4.1)
    rack-protection (1.3.2)
      rack
    rack-test (0.6.2)
      rack (>= 1.0)
    rake (10.0.3)
    redis (3.0.2)
    rest-client (1.6.7)
      mime-types (>= 1.16)
    sinatra (1.3.3)
      rack (~> 1.3, >= 1.3.6)
      rack-protection (~> 1.2)
      tilt (~> 1.3, >= 1.3.3)
    sinatra_auth_github (0.12.0)
      sinatra (~> 1.0)
      warden-github (~> 0.12.0)
    slop (3.3.3)
    thor (0.16.0)
    tilt (1.3.3)
    treetop (1.4.12)
      polyglot
      polyglot (>= 0.3.1)
    turn (0.9.6)
      ansi
    warden (1.2.1)
      rack (>= 1.0)
    warden-github (0.12.0)
      json (~> 1.5)
      oauth2 (~> 0.5.2)
      octokit (~> 1.19.0)
      rest-client (~> 1.6.1)
      warden (~> 1.0)
      yajl-ruby (~> 1.1)
    yajl-ruby (1.1.0)

PLATFORMS
  ruby

DEPENDENCIES
  broach (~> 0.2.1)
  foreman (~> 0.60.2)
  guard-minitest
  json (~> 1.7.5)
  mail (~> 2.4.4)
  minitest
  minitest-rg (~> 1.0.0)
  mocha (~> 0.13.0)
  pry (~> 0.9.10)
  rack-test (~> 0.6.2)
  rake
  redis (~> 3.0.1)
  sinatra
  sinatra_auth_github (~> 0.12.0)
  turn (~> 0.9.6)
