GEM
  remote: http://rubygems.org/
  specs:
    broach (0.2.1)
      json (~> 1.4)
      nap (~> 0.3)
    coderay (1.0.8)
    foreman (0.60.2)
      thor (>= 0.13.6)
    i18n (0.6.1)
    json (1.7.5)
    mail (2.4.4)
      i18n (>= 0.4.0)
      mime-types (~> 1.16)
      treetop (~> 1.4.8)
    method_source (0.8.1)
    mime-types (1.19)
    nap (0.5.1)
    polyglot (0.3.3)
    pry (0.9.10)
      coderay (~> 1.0.5)
      method_source (~> 0.8)
      slop (~> 3.3.1)
    rack (1.4.1)
    rack-protection (1.3.2)
      rack
    rake (10.0.3)
    redis (3.0.2)
    sinatra (1.3.3)
      rack (~> 1.3, >= 1.3.6)
      rack-protection (~> 1.2)
      tilt (~> 1.3, >= 1.3.3)
    slop (3.3.3)
    thor (0.16.0)
    tilt (1.3.3)
    treetop (1.4.12)
      polyglot
      polyglot (>= 0.3.1)

PLATFORMS
  ruby

DEPENDENCIES
  broach (~> 0.2.1)
  foreman (~> 0.60.2)
  json (~> 1.7.5)
  mail (~> 2.4.4)
  pry (~> 0.9.10)
  rake
  redis (~> 3.0.1)
  sinatra
